GEM
  remote: https://rubygems.org/
  specs:
    daemons (1.1.9)
    em-proxy (0.1.8)
      eventmachine
    eventmachine (1.0.3)
    faraday (0.8.6)
      multipart-post (~> 1.1)
    ffi (1.5.0)
    hallon (0.18.1)
      ref (~> 1.0)
      spotify (~> 12.3.0)
    hallon-openal (1.0.1)
      hallon (~> 0.13)
    json (1.7.7)
    libspotify (12.1.51.1)
    multipart-post (1.2.0)
    rack (1.5.2)
    rack-protection (1.5.0)
      rack
    rake (10.0.3)
    ref (1.0.4)
    sinatra (1.4.2)
      rack (~> 1.5, >= 1.5.2)
      rack-protection (~> 1.4)
      tilt (~> 1.3, >= 1.3.4)
    sinatra-cross_origin (0.2.0)
    spotify (12.3.0)
      ffi (~> 1.0, >= 1.0.11)
      libspotify (~> 12.1.51)
    thin (1.5.1)
      daemons (>= 1.0.9)
      eventmachine (>= 0.12.6)
      rack (>= 1.0.0)
    tilt (1.3.6)

PLATFORMS
  ruby

DEPENDENCIES
  em-proxy
  faraday
  hallon
  hallon-openal
  json
  rack
  rake
  sinatra
  sinatra-cross_origin
  thin
